GEM
  remote: https://rubygems.org/
  specs:
    ffi (1.11.1-x64-mingw32)
    net-sftp (2.1.2)
      net-ssh (>= 2.6.5)
    net-ssh (5.0.2)
    win32-clipboard (0.6.4)
      ffi

PLATFORMS
  x64-mingw32

DEPENDENCIES
  net-sftp (~> 2.1.2)
  win32-clipboard (~> 0.6.4)

BUNDLED WITH
   1.16.6
